GEM
  remote: https://rubygems.org/
  specs:
    activesupport (4.0.0)
      i18n (~> 0.6, >= 0.6.4)
      minitest (~> 4.2)
      multi_json (~> 1.3)
      thread_safe (~> 0.1)
      tzinfo (~> 0.3.37)
    atomic (1.1.13)
    geo-distance (0.2.0)
      geo_point (~> 0.2.5)
      geo_units (~> 0.2.4.1)
    geo_calc (0.7.6)
      activesupport (>= 3.0.1)
      geo_units (~> 0.2.1)
      i18n
      require_all (~> 1.2.0)
      sugar-high (~> 0.4.6.3)
    geo_point (0.2.5)
      geo_calc (~> 0.7.5)
      geo_units (~> 0.2.1)
    geo_units (0.2.4.1)
      sugar-high (~> 0.4.6.2)
    i18n (0.6.5)
    minitest (4.7.5)
    multi_json (1.7.9)
    require_all (1.2.1)
    sugar-high (0.4.6.4)
    thread_safe (0.1.2)
      atomic
    tzinfo (0.3.37)
    yajl-ruby (1.2.0)

PLATFORMS
  ruby

DEPENDENCIES
  geo-distance (~> 0.2.0)
  yajl-ruby
